GEM
  remote: https://rubygems.org/
  specs:
    addressable (2.7.0)
      public_suffix (>= 2.0.2, < 5.0)
    cloud_events (0.1.2)
    crack (0.4.5)
      rexml
    functions_framework (0.7.0)
      cloud_events (~> 0.1)
      puma (~> 4.3)
      rack (~> 2.1)
    hashdiff (1.0.1)
    json (2.5.1)
    minitest (5.14.3)
    nio4r (2.5.4)
    public_suffix (4.0.6)
    puma (4.3.7)
      nio4r (~> 2.0)
    rack (2.2.3)
    rexml (3.2.4)
    webmock (3.11.1)
      addressable (>= 2.3.6)
      crack (>= 0.3.2)
      hashdiff (>= 0.4.0, < 2.0.0)

PLATFORMS
  ruby

DEPENDENCIES
  functions_framework (~> 0.7)
  json
  minitest
  webmock

BUNDLED WITH
   1.17.2
