GEM
  remote: https://rubygems.org/
  specs:
    addressable (2.8.5)
      public_suffix (>= 2.0.2, < 6.0)
    cloud_events (0.7.1)
    crack (0.4.5)
      rexml
    functions_framework (1.4.1)
      cloud_events (>= 0.7.0, < 2.a)
      puma (>= 4.3.0, < 7.a)
      rack (>= 2.1, < 4.a)
    hashdiff (1.0.1)
    json (2.6.3)
    minitest (5.20.0)
    nio4r (2.6.1)
    public_suffix (5.0.4)
    puma (6.4.0)
      nio4r (~> 2.0)
    rack (3.0.8)
    rexml (3.2.6)
    webmock (3.19.1)
      addressable (>= 2.8.0)
      crack (>= 0.3.2)
      hashdiff (>= 0.4.0, < 2.0.0)

PLATFORMS
  x86_64-linux

DEPENDENCIES
  functions_framework (~> 1.0)
  json
  minitest
  webmock

BUNDLED WITH
   2.4.10
